GEM
  remote: https://rubygems.org/
  specs:
    actionmailer (4.1.7)
      actionpack (= 4.1.7)
      actionview (= 4.1.7)
      mail (~> 2.5, >= 2.5.4)
    actionpack (4.1.7)
      actionview (= 4.1.7)
      activesupport (= 4.1.7)
      rack (~> 1.5.2)
      rack-test (~> 0.6.2)
    actionview (4.1.7)
      activesupport (= 4.1.7)
      builder (~> 3.1)
      erubis (~> 2.7.0)
    activemodel (4.1.7)
      activesupport (= 4.1.7)
      builder (~> 3.1)
    activerecord (4.1.7)
      activemodel (= 4.1.7)
      activesupport (= 4.1.7)
      arel (~> 5.0.0)
    activesupport (4.1.7)
      i18n (~> 0.6, >= 0.6.9)
      json (~> 1.7, >= 1.7.7)
      minitest (~> 5.1)
      thread_safe (~> 0.1)
      tzinfo (~> 1.1)
    arel (5.0.1.20140414130214)
    ast (2.0.0)
    astrolabe (1.3.0)
      parser (>= 2.2.0.pre.3, < 3.0)
    autoprefixer-rails (4.0.1)
      execjs
    awesome_print (1.6.1)
    bson (2.3.0-java)
    builder (3.2.2)
    callsite (0.0.11)
    capistrano (3.2.1)
      i18n
      rake (>= 10.0.0)
      sshkit (~> 1.3)
    capistrano-bundler (1.1.3)
      capistrano (~> 3.1)
      sshkit (~> 1.2)
    capistrano-faster-assets (1.0.2)
      capistrano (>= 3.1)
    capistrano-rails (1.1.2)
      capistrano (~> 3.1)
      capistrano-bundler (~> 1.1)
    capistrano-rbenv (2.0.2)
      capistrano (~> 3.1)
      sshkit (~> 1.3)
    capistrano-sidekiq (0.4.0)
      capistrano
      sidekiq
    capistrano3-puma (0.8.3)
      capistrano (~> 3.0)
      puma (>= 2.6)
    celluloid (0.16.0)
      timers (~> 4.0.0)
    coderay (1.1.0)
    coffee-rails (4.1.0)
      coffee-script (>= 2.2.0)
      railties (>= 4.0.0, < 5.0)
    coffee-script (2.3.0)
      coffee-script-source
      execjs
    coffee-script-source (1.8.0)
    colorize (0.7.3)
    connection_pool (2.1.0)
    coolline (0.5.0)
      unicode_utils (~> 1.4)
    crack (0.4.2)
      safe_yaml (~> 1.0.0)
    csso-rails (0.3.4)
      execjs (>= 1)
    delayed_job (4.0.6)
      activesupport (>= 3.0, < 5.0)
    delayed_job_mongoid (2.1.0)
      delayed_job (>= 3.0, < 5)
      mongoid (>= 3.0, < 5)
    dimensions (1.3.0)
    erubis (2.7.0)
    evil-blocks-rails (0.6.2)
      sprockets (>= 2)
    evil-front (0.3.9)
      i18n
      nokogiri (>= 1)
      rails-sass-images (>= 0.3)
      rubypants-unicode
      sass (>= 3.2.9)
      slim (>= 1.3.9)
      sprockets (>= 1)
      standalone_typograf (>= 3.0.1)
      unicode_utils (>= 1.4)
    evil-front-all (0.3.1)
      autoprefixer-rails (>= 3.0)
      coffee-script (>= 2.2.0)
      csso-rails (>= 0.3)
      evil-blocks-rails (>= 0.2)
      evil-front (~> 0.3.0)
      jquery-cdn (>= 1)
      sprockets (>= 1)
      uglifier (>= 2.1.1)
    evil-front-rails (0.3.0)
      coffee-rails (>= 3.2.2)
      evil-front-all (~> 0.3.0)
      rails (>= 3)
      sass-rails (>= 3.2.6)
      slim-rails (>= 1.1.0)
    execjs (2.2.2)
    ffi (1.9.6-java)
    hike (1.2.3)
    hitimes (1.2.2-java)
    i18n (0.6.11)
    jbuilder (2.2.5)
      activesupport (>= 3.0.0, < 5)
      multi_json (~> 1.2)
    jquery-cdn (2.1.1)
      sprockets (>= 2)
    jquery-rails (3.1.2)
      railties (>= 3.0, < 5.0)
      thor (>= 0.14, < 2.0)
    jruby-jars (1.7.19)
    jruby-lint (0.4.1)
      jruby-openssl
      nokogiri (>= 1.5.0.beta.4)
      term-ansicolor
    jruby-openssl (0.9.5-java)
    jruby-rack (1.1.18)
    jruby-rack-worker (0.10.0)
      jruby-rack (>= 1.1.10)
    json (1.8.1-java)
    mail (2.6.3)
      mime-types (>= 1.16, < 3)
    meta_request (0.3.4)
      callsite (~> 0.0, >= 0.0.11)
      rack-contrib (~> 1.1)
      railties (>= 3.0.0, < 5.0.0)
    method_source (0.8.2)
    mime-types (2.4.3)
    minitest (5.4.3)
    mongoid (4.0.0)
      activemodel (~> 4.0)
      moped (~> 2.0.0)
      origin (~> 2.1)
      tzinfo (>= 0.3.37)
    moped (2.0.2)
      bson (~> 2.2)
      connection_pool (~> 2.0)
      optionable (~> 0.2.0)
    multi_json (1.10.1)
    net-scp (1.2.1)
      net-ssh (>= 2.6.5)
    net-sftp (2.1.2)
      net-ssh (>= 2.6.5)
    net-ssh (2.9.1)
    nokogiri (1.6.5-java)
    optionable (0.2.0)
    origin (2.1.1)
    parseconfig (1.0.6)
    parser (2.2.0.2)
      ast (>= 1.1, < 3.0)
    powerpack (0.1.0)
    pry (0.10.1-java)
      coderay (~> 1.1.0)
      method_source (~> 0.8.1)
      slop (~> 3.4)
      spoon (~> 0.0)
    pry-awesome_print (9.6.9)
      awesome_print (>= 1.1.0, < 999)
      pry (>= 0.9.0, < 999)
    pry-coolline (0.2.5)
      coolline (~> 0.5)
    pry-developer_tools (0.1.1)
      pry (>= 0.9.8.pre, < 0.11)
    pry-highlight (0.1.0)
      coderay
      json
      nokogiri
      pry
    pry-nav (0.2.4)
      pry (>= 0.9.10, < 0.11.0)
    pry-rails (0.3.2)
      pry (>= 0.9.10)
    puma (2.10.2-java)
      rack (>= 1.1, < 2.0)
    rack (1.5.2)
    rack-contrib (1.2.0)
      rack (>= 0.9.1)
    rack-test (0.6.2)
      rack (>= 1.0)
    rack-webconsole-pry (0.1.9)
      json
      multi_json (>= 1.0.3)
      pry
      rack
    rails (4.1.7)
      actionmailer (= 4.1.7)
      actionpack (= 4.1.7)
      actionview (= 4.1.7)
      activemodel (= 4.1.7)
      activerecord (= 4.1.7)
      activesupport (= 4.1.7)
      bundler (>= 1.3.0, < 2.0)
      railties (= 4.1.7)
      sprockets-rails (~> 2.0)
    rails-sass-images (0.5)
      dimensions (> 0)
      mime-types (> 0)
      sass (> 0)
    railties (4.1.7)
      actionpack (= 4.1.7)
      activesupport (= 4.1.7)
      rake (>= 0.8.7)
      thor (>= 0.18.1, < 2.0)
    rainbow (2.0.0)
    rake (10.4.0)
    redis (3.1.0)
    redis-namespace (1.5.1)
      redis (~> 3.0, >= 3.0.4)
    rubocop (0.29.0)
      astrolabe (~> 1.3)
      parser (>= 2.2.0.1, < 3.0)
      powerpack (~> 0.1)
      rainbow (>= 1.99.1, < 3.0)
      ruby-progressbar (~> 1.4)
    ruby-progressbar (1.7.1)
    rubypants-unicode (0.2.5)
    rubyzip (1.1.7)
    safe_yaml (1.0.4)
    sass (3.2.19)
    sass-rails (4.0.5)
      railties (>= 4.0.0, < 5.0)
      sass (~> 3.2.2)
      sprockets (~> 2.8, < 3.0)
      sprockets-rails (~> 2.0)
    saxon-xslt (0.5.1-java)
    sidekiq (3.3.0)
      celluloid (>= 0.16.0)
      connection_pool (>= 2.0.0)
      json
      redis (>= 3.0.6)
      redis-namespace (>= 1.3.1)
    slim (2.1.0)
      temple (~> 0.6.9)
      tilt (>= 1.3.3, < 2.1)
    slim-rails (2.1.5)
      actionpack (>= 3.0, < 4.2)
      activesupport (>= 3.0, < 4.2)
      railties (>= 3.0, < 4.2)
      slim (~> 2.0)
    slop (3.6.0)
    spoon (0.0.4)
      ffi
    sprockets (2.12.3)
      hike (~> 1.2)
      multi_json (~> 1.0)
      rack (~> 1.0)
      tilt (~> 1.1, != 1.3.0)
    sprockets-rails (2.2.1)
      actionpack (>= 3.0)
      activesupport (>= 3.0)
      sprockets (>= 2.8, < 4.0)
    sshkit (1.5.1)
      colorize
      net-scp (>= 1.1.2)
      net-ssh (>= 2.8.0)
    standalone_typograf (3.0.2)
      activesupport
    temple (0.6.10)
    term-ansicolor (1.3.0)
      tins (~> 1.0)
    therubyrhino (2.0.4)
      therubyrhino_jar (>= 1.7.3)
    therubyrhino_jar (1.7.4)
    thor (0.19.1)
    thread_safe (0.3.4-java)
    tilt (1.4.1)
    timers (4.0.1)
      hitimes
    tins (1.3.5)
    turbolinks (2.5.2)
      coffee-rails
    tzinfo (1.2.2)
      thread_safe (~> 0.1)
    uglifier (2.5.3)
      execjs (>= 0.3.0)
      json (>= 1.8.0)
    unicode_utils (1.4.0)
    warbler (1.4.5)
      jruby-jars (>= 1.5.6, < 2.0)
      jruby-rack (>= 1.1.1, < 1.3)
      rake (>= 0.9.6)
      rubyzip (>= 0.9, < 1.2)

PLATFORMS
  java

DEPENDENCIES
  capistrano (~> 3.2.0)
  capistrano-bundler (~> 1.1.2)
  capistrano-faster-assets (~> 1.0)
  capistrano-rails (~> 1.1.2)
  capistrano-rbenv (~> 2.0)
  capistrano-sidekiq (~> 0.4.0)
  capistrano3-puma (~> 0.8.3)
  crack
  delayed_job_mongoid (~> 2.1.0)
  evil-front-rails (~> 0.3.0)
  jbuilder (~> 2.0)
  jquery-rails (~> 3.1.2)
  jruby-lint (~> 0.4.1)
  jruby-openssl (~> 0.9.5)
  jruby-rack-worker
  meta_request (~> 0.3.4)
  mongoid (~> 4.0.0)
  net-scp (~> 1.2.1)
  net-sftp (~> 2.1.2)
  net-ssh (~> 2.9.1)
  parseconfig (~> 1.0.6)
  pry-awesome_print (~> 9.6.9)
  pry-coolline (~> 0.2.5)
  pry-developer_tools (~> 0.1.1)
  pry-highlight (~> 0.1.0)
  pry-nav (~> 0.2.4)
  pry-rails (~> 0.3.2)
  puma (~> 2.10.2)
  rack-webconsole-pry (~> 0.1.9)
  rails (= 4.1.7)
  rubocop
  saxon-xslt (~> 0.5.1)
  therubyrhino (~> 2.0.4)
  turbolinks (~> 2.5.2)
  warbler (~> 1.4.5)
